PATH
  remote: .
  specs:
    ns-yapi (0.1)
      httpi
      nokogiri
      nori

GEM
  remote: http://rubygems.org/
  specs:
    diff-lcs (1.2.4)
    fakeweb (1.3.0)
    httpi (2.0.2)
      rack
    mini_portile (0.5.0)
    multi_json (1.7.6)
    nokogiri (1.6.0)
      mini_portile (~> 0.5.0)
    nori (2.2.0)
    rack (1.5.2)
    rspec (2.13.0)
      rspec-core (~> 2.13.0)
      rspec-expectations (~> 2.13.0)
      rspec-mocks (~> 2.13.0)
    rspec-core (2.13.1)
    rspec-expectations (2.13.0)
      diff-lcs (>= 1.1.3, < 2.0)
    rspec-mocks (2.13.1)
    simplecov (0.7.1)
      multi_json (~> 1.0)
      simplecov-html (~> 0.7.1)
    simplecov-html (0.7.1)

PLATFORMS
  ruby

DEPENDENCIES
  fakeweb
  ns-yapi!
  rspec
  simplecov
